GEM
  remote: https://rubygems.org/
  specs:

PLATFORMS
  x64-mingw-ucrt

DEPENDENCIES

RUBY VERSION
   ruby 3.2.2p53

BUNDLED WITH
   2.4.10
